PATH
  remote: ./
  specs:
    sitemap_generator (5.0.4)
      builder

GEM
  remote: http://rubygems.org/
  specs:
    builder (3.2.2)
    diff-lcs (1.2.5)
    metaclass (0.0.4)
    mocha (1.1.0)
      metaclass (~> 0.0.1)
    nokogiri (1.5.10)
    rake (10.3.2)
    rspec (3.0.0)
      rspec-core (~> 3.0.0)
      rspec-expectations (~> 3.0.0)
      rspec-mocks (~> 3.0.0)
    rspec-core (3.0.0)
      rspec-support (~> 3.0.0)
    rspec-expectations (3.0.0)
      diff-lcs (>= 1.2.0, < 2.0)
      rspec-support (~> 3.0.0)
    rspec-mocks (3.0.0)
      rspec-support (~> 3.0.0)
    rspec-support (3.0.0)

PLATFORMS
  ruby

DEPENDENCIES
  builder
  mocha
  nokogiri (= 1.5.10)
  rake
  rspec
  sitemap_generator!
