PATH
  remote: ./
  specs:
    sitemap_generator (5.0.2)
      builder

GEM
  remote: http://rubygems.org/
  specs:
    builder (3.0.0)
    diff-lcs (1.2.5)
    metaclass (0.0.1)
    mocha (0.10.0)
      metaclass (~> 0.0.1)
    nokogiri (1.5.10)
    rake (10.0.4)
    rspec (2.14.1)
      rspec-core (~> 2.14.0)
      rspec-expectations (~> 2.14.0)
      rspec-mocks (~> 2.14.0)
    rspec-core (2.14.8)
    rspec-expectations (2.14.5)
      diff-lcs (>= 1.1.3, < 2.0)
    rspec-mocks (2.14.6)

PLATFORMS
  ruby

DEPENDENCIES
  builder
  mocha
  nokogiri (= 1.5.10)
  rake
  rspec
  sitemap_generator!
